GEM
  remote: https://rubygems.org/
  specs:
    motion-redgreen (0.1.0)

PLATFORMS
  ruby

DEPENDENCIES
  motion-redgreen
